GIT
  remote: git://github.com/Hobo/hobo.git
  revision: 123e6e840f9fe7e222b3dbd3562d0f82a93086a9
  specs:
    doc (0.0.1)
    dryml (2.1.1)
      actionpack (~> 4.0.2)
      hobo_support (= 2.1.1)
    hobo (2.1.1)
      dryml (= 2.1.1)
      hobo_fields (= 2.1.1)
      hobo_support (= 2.1.1)
      hobo_will_paginate
    hobo_clean (2.1.1)
      hobo (= 2.1.1)
      hobo_jquery (= 2.1.1)
    hobo_clean_admin (2.1.1)
      hobo_clean (= 2.1.1)
    hobo_clean_sidemenu (2.1.1)
      hobo_clean (= 2.1.1)
    hobo_fields (2.1.1)
      hobo_support (= 2.1.1)
    hobo_jquery (2.1.1)
      hobo_rapid (= 2.1.1)
      jquery-rails (~> 2.0)
    hobo_jquery_ui (2.1.1)
      hobo (= 2.1.1)
      hobo_jquery (= 2.1.1)
      jquery-ui-themes (~> 0.0.4)
    hobo_rapid (2.1.1)
      hobo (= 2.1.1)
    hobo_support (2.1.1)
      rails (~> 4.0.2)

GIT
  remote: git://github.com/Hobo/hobo_bootstrap.git
  revision: e0517f2eb1d7732833ea07daece4292011b62b52
  specs:
    hobo_bootstrap (2.1.1)
      bootstrap-sass (~> 2.1)
      hobo_jquery (>= 2.0)
      hobo_will_paginate-bootstrap

GIT
  remote: git://github.com/Hobo/hobo_bootstrap_ui.git
  revision: 9fc6b67f11677cde0e8239e87c1f3ce7e7db6bb5
  specs:
    hobo_bootstrap_ui (2.1.1)
      bootstrap-datepicker-rails
      hobo_bootstrap (>= 2.0)

GIT
  remote: git://github.com/Hobo/hobo_data_tables.git
  revision: f12f35e2d31c67a323a3f01fcbd3b91a2b7195e8
  specs:
    hobo_data_tables (0.0.1)
      hobo (> 1.4.0.pre5)
      jquery-datatables-rails

GIT
  remote: git://github.com/Hobo/hobo_mapstraction.git
  revision: 3df6c1c70ab593db0d04f1233bb3b1199bd60b68
  specs:
    hobo_mapstraction (0.0.1)
      hobo (> 1.4.0.pre6)

GIT
  remote: git://github.com/Hobo/hobo_omniauth.git
  revision: 2cb81c9e85d10fd748be4a7ff0f95bba417bdda1
  specs:
    hobo_omniauth (0.0.1)
      hobo
      omniauth (~> 1.1)

GIT
  remote: git://github.com/Hobo/hobo_paperclip.git
  revision: abb4e77b849e78be9f1594b7304b71dc5a76157d
  specs:
    hobo_paperclip (0.0.4)
      hobo
      paperclip

GIT
  remote: git://github.com/Hobo/hobo_simple_color.git
  revision: 6222ef21c34f12dafea791a9fa3f2c67d63908a9
  specs:
    hobo_simple_color (0.0.2)
      hobo (> 1.4.0.pre4)

GIT
  remote: git://github.com/Hobo/hobo_tokeninput.git
  revision: 271317004e0a3c6fd6083405b30193e3fbbae0ba
  specs:
    hobo_tokeninput (0.0.1)
      hobo (> 1.4.0.pre5)

GIT
  remote: git://github.com/Hobo/hobo_tree_table.git
  revision: f3533062ae8f8051daeb82292d31735cdee7b697
  specs:
    hobo_tree_table (0.0.1)
      hobo (> 1.4.0.pre1)

GIT
  remote: git://github.com/Hobo/select_one_or_new_dialog.git
  revision: 238312c2d032e40c899215835c220fc338c0f472
  specs:
    select_one_or_new_dialog (0.0.1)
      hobo (> 1.4.0.pre1)
      hobo_jquery_ui (> 1.4.0.pre1)

GIT
  remote: git://github.com/Hobo/will_paginate.git
  revision: e2bfe0a07c9fd1c6d7bf914e25db5182697ae7c2
  specs:
    will_paginate (3.0.4.hobo)

GIT
  remote: git://github.com/bryanlarsen/vlad-git.git
  revision: 0fa91ca93089003779aa564b4cdef238f08385cf
  specs:
    vlad-git (2.2.0)
      vlad (>= 2.1.0)

GEM
  remote: http://rubygems.org/
  specs:
    actionmailer (4.0.11)
      actionpack (= 4.0.11)
      mail (~> 2.5, >= 2.5.4)
    actionpack (4.0.11)
      activesupport (= 4.0.11)
      builder (~> 3.1.0)
      erubis (~> 2.7.0)
      rack (~> 1.5.2)
      rack-test (~> 0.6.2)
    actionpack-page_caching (1.0.2)
      actionpack (>= 4.0.0, < 5)
    activemodel (4.0.11)
      activesupport (= 4.0.11)
      builder (~> 3.1.0)
    activerecord (4.0.11)
      activemodel (= 4.0.11)
      activerecord-deprecated_finders (~> 1.0.2)
      activesupport (= 4.0.11)
      arel (~> 4.0.0)
    activerecord-deprecated_finders (1.0.3)
    activesupport (4.0.11)
      i18n (~> 0.6, >= 0.6.9)
      minitest (~> 4.2)
      multi_json (~> 1.3)
      thread_safe (~> 0.1)
      tzinfo (~> 0.3.37)
    arel (4.0.2)
    awesome_print (1.2.0)
    bootstrap-datepicker-rails (1.3.0.2)
      railties (>= 3.0)
    bootstrap-sass (2.3.2.2)
      sass (~> 3.2)
    bootswatch-rails (0.4.0)
      railties (>= 3.1)
    builder (3.1.4)
    climate_control (0.0.3)
      activesupport (>= 3.0)
    cocaine (0.5.4)
      climate_control (>= 0.0.3, < 1.0)
    erubis (2.7.0)
    faraday (0.9.0)
      multipart-post (>= 1.2, < 3)
    hashie (3.3.1)
    hike (1.2.3)
    hobo_will_paginate (2.1.1)
    hobo_will_paginate-bootstrap (1.0.0)
      hobo_will_paginate
    httparty (0.13.3)
      json (~> 1.8)
      multi_xml (>= 0.5.2)
    i18n (0.6.11)
    jquery-datatables-rails (3.0.0)
      jquery-rails
      sass-rails
    jquery-rails (2.3.0)
      railties (>= 3.0, < 5.0)
      thor (>= 0.14, < 2.0)
    jquery-ui-themes (0.0.11)
      httparty
    json (1.8.1)
    jwt (1.0.0)
    kramdown (1.5.0)
    mail (2.6.3)
      mime-types (>= 1.16, < 3)
    mime-types (2.4.3)
    mini_portile (0.6.1)
    minitest (4.7.5)
    multi_json (1.10.1)
    multi_xml (0.5.5)
    multipart-post (2.0.0)
    mysql2 (0.3.17)
    nokogiri (1.6.4.1)
      mini_portile (~> 0.6.0)
    oauth2 (1.0.0)
      faraday (>= 0.8, < 0.10)
      jwt (~> 1.0)
      multi_json (~> 1.3)
      multi_xml (~> 0.5)
      rack (~> 1.2)
    omniauth (1.2.2)
      hashie (>= 1.2, < 4)
      rack (~> 1.0)
    omniauth-github (1.1.2)
      omniauth (~> 1.0)
      omniauth-oauth2 (~> 1.1)
    omniauth-oauth2 (1.2.0)
      faraday (>= 0.8, < 0.10)
      multi_json (~> 1.3)
      oauth2 (~> 1.0)
      omniauth (~> 1.2)
    open4 (1.3.4)
    paperclip (2.8.0)
      activerecord (>= 2.3.0)
      activesupport (>= 2.3.2)
      cocaine (>= 0.0.2)
      mime-types
    protected_attributes (1.0.8)
      activemodel (>= 4.0.1, < 5.0)
    quiet_assets (1.0.3)
      railties (>= 3.1, < 5.0)
    rack (1.5.2)
    rack-test (0.6.2)
      rack (>= 1.0)
    rails (4.0.11)
      actionmailer (= 4.0.11)
      actionpack (= 4.0.11)
      activerecord (= 4.0.11)
      activesupport (= 4.0.11)
      bundler (>= 1.3.0, < 2.0)
      railties (= 4.0.11)
      sprockets-rails (~> 2.0)
    railties (4.0.11)
      actionpack (= 4.0.11)
      activesupport (= 4.0.11)
      rake (>= 0.8.7)
      thor (>= 0.18.1, < 2.0)
    rake (10.3.2)
    rake-remote_task (2.2.2)
      open4 (~> 1.0)
      rake (>= 0.8, < 11.0)
    sass (3.2.19)
    sass-rails (4.0.4)
      railties (>= 4.0.0, < 5.0)
      sass (~> 3.2.2)
      sprockets (~> 2.8, < 2.12)
      sprockets-rails (~> 2.0)
    sprockets (2.11.3)
      hike (~> 1.2)
      multi_json (~> 1.0)
      rack (~> 1.0)
      tilt (~> 1.1, != 1.3.0)
    sprockets-rails (2.2.0)
      actionpack (>= 3.0)
      activesupport (>= 3.0)
      sprockets (>= 2.8, < 4.0)
    sqlite3 (1.3.10)
    thor (0.19.1)
    thread_safe (0.3.4)
    tilt (1.4.1)
    tzinfo (0.3.42)
    vlad (2.6.3)
      rake (>= 0.8, < 11.0)
      rake-remote_task (~> 2.1)
    will_paginate-bootstrap (0.2.3)
      will_paginate (>= 3.0.3)
    yard (0.8.7.6)

PLATFORMS
  ruby

DEPENDENCIES
  actionpack-page_caching
  awesome_print
  bootstrap-sass (= 2.3.2.2)
  bootswatch-rails
  cocaine
  doc!
  dryml!
  hobo!
  hobo_bootstrap!
  hobo_bootstrap_ui!
  hobo_clean!
  hobo_clean_admin!
  hobo_clean_sidemenu!
  hobo_data_tables!
  hobo_fields!
  hobo_jquery!
  hobo_jquery_ui!
  hobo_mapstraction!
  hobo_omniauth!
  hobo_paperclip!
  hobo_rapid!
  hobo_simple_color!
  hobo_support!
  hobo_tokeninput!
  hobo_tree_table!
  jquery-rails
  jquery-ui-themes
  kramdown
  mysql2
  nokogiri
  omniauth-github
  paperclip (~> 2.7)
  protected_attributes
  quiet_assets
  rails (= 4.0.11)
  sass-rails (~> 4.0.4)
  select_one_or_new_dialog!
  sqlite3
  vlad
  vlad-git!
  will_paginate!
  will_paginate-bootstrap (= 0.2.3)
  yard
