GIT
  remote: git://github.com/Hobo/hobo_data_tables.git
  revision: a3fd486f19667a65e752d03a07a794e11019a2de
  specs:
    hobo_data_tables (0.0.1)
      hobo (~> 1.4.0.pre5)
      jquery-datatables-rails

GIT
  remote: git://github.com/Hobo/hobo_simple_color.git
  revision: fafd51156b0445aa9cbdb81c235a23a64875ca4c
  specs:
    hobo_simple_color (0.0.2)
      hobo (~> 1.4.0.pre4)

GIT
  remote: git://github.com/Hobo/hobo_tokeninput.git
  revision: fca558f8a9bb5e05554ebffbe3bb760f243dc210
  specs:
    hobo_tokeninput (0.0.1)
      hobo (~> 1.4.0.pre4)

GIT
  remote: git://github.com/Hobo/hobo_tree_table.git
  revision: e1aa36974e3e2fbdeaf355e8ba9f10400a90b2c2
  specs:
    hobo_tree_table (0.0.1)
      hobo (~> 1.4.0.pre1)
      rails (~> 3.1.0)

GIT
  remote: git://github.com/Hobo/select_one_or_new_dialog.git
  revision: 512a164192cb9db9b05ca28709806a61e9a43d44
  specs:
    select_one_or_new_dialog (0.0.1)
      hobo (~> 1.4.0.pre1)
      hobo_jquery_ui (~> 1.4.0.pre1)

GIT
  remote: git://github.com/bryanlarsen/vlad-git.git
  revision: 0fa91ca93089003779aa564b4cdef238f08385cf
  specs:
    vlad-git (2.2.0)
      vlad (>= 2.1.0)

GIT
  remote: git://github.com/jeanmartin/paperclip.git
  revision: 4095e07adaace2a123cbd031fa268928f3b0ce87
  branch: master
  specs:
    paperclip (2.3.10)
      activerecord (>= 2.3.0)
      activesupport (>= 2.3.2)

GIT
  remote: git://github.com/tablatom/hobo.git
  revision: fae79985b27bb0ae428596a50e17c92032d0002c
  specs:
    dryml (1.4.0.pre5)
      actionpack (~> 3.1.0)
      hobo_support (= 1.4.0.pre5)
    hobo (1.4.0.pre5)
      dryml (= 1.4.0.pre5)
      hobo_fields (= 1.4.0.pre5)
      hobo_support (= 1.4.0.pre5)
      will_paginate (~> 3.0.0)
    hobo_clean (1.4.0.pre5)
      hobo (= 1.4.0.pre5)
    hobo_clean_admin (1.4.0.pre5)
      rails (~> 3.1.0)
    hobo_fields (1.4.0.pre5)
      hobo_support (= 1.4.0.pre5)
    hobo_jquery (1.4.0.pre5)
      hobo (= 1.4.0.pre5)
      jquery-rails (~> 1.0)
    hobo_jquery_ui (1.4.0.pre5)
      hobo (= 1.4.0.pre5)
      hobo_jquery (= 1.4.0.pre5)
      jquery-ui-themes (~> 0.0.4)
    hobo_rapid (1.4.0.pre5)
      hobo (= 1.4.0.pre5)
    hobo_support (1.4.0.pre5)
      rails (~> 3.1.0)

GEM
  remote: http://rubygems.org/
  specs:
    actionmailer (3.1.4)
      actionpack (= 3.1.4)
      mail (~> 2.3.0)
    actionpack (3.1.4)
      activemodel (= 3.1.4)
      activesupport (= 3.1.4)
      builder (~> 3.0.0)
      erubis (~> 2.7.0)
      i18n (~> 0.6)
      rack (~> 1.3.6)
      rack-cache (~> 1.1)
      rack-mount (~> 0.8.2)
      rack-test (~> 0.6.1)
      sprockets (~> 2.0.3)
    activemodel (3.1.4)
      activesupport (= 3.1.4)
      builder (~> 3.0.0)
      i18n (~> 0.6)
    activerecord (3.1.4)
      activemodel (= 3.1.4)
      activesupport (= 3.1.4)
      arel (~> 2.2.3)
      tzinfo (~> 0.3.29)
    activeresource (3.1.4)
      activemodel (= 3.1.4)
      activesupport (= 3.1.4)
    activesupport (3.1.4)
      multi_json (~> 1.0)
    arel (2.2.3)
    awesome_print (1.0.2)
    builder (3.0.0)
    cocaine (0.2.1)
    coffee-rails (3.1.1)
      coffee-script (>= 2.2.0)
      railties (~> 3.1.0)
    coffee-script (2.2.0)
      coffee-script-source
      execjs
    coffee-script-source (1.2.0)
    columnize (0.3.6)
    erubis (2.7.0)
    execjs (1.3.0)
      multi_json (~> 1.0)
    hike (1.2.1)
    i18n (0.6.0)
    jquery-datatables-rails (1.9.1.3)
      jquery-rails
    jquery-rails (1.0.19)
      railties (~> 3.0)
      thor (~> 0.14)
    jquery-ui-themes (0.0.4)
    json (1.6.6)
    libv8 (3.3.10.4)
    linecache (0.46)
      rbx-require-relative (> 0.0.4)
    mail (2.3.3)
      i18n (>= 0.4.0)
      mime-types (~> 1.16)
      treetop (~> 1.4.8)
    maruku (0.6.0)
      syntax (>= 1.0.0)
    mime-types (1.18)
    multi_json (1.3.2)
    mysql (2.8.1)
    open4 (1.3.0)
    polyglot (0.3.3)
    rack (1.3.6)
    rack-cache (1.2)
      rack (>= 0.4)
    rack-mount (0.8.3)
      rack (>= 1.0.0)
    rack-ssl (1.3.2)
      rack
    rack-test (0.6.1)
      rack (>= 1.0)
    rails (3.1.4)
      actionmailer (= 3.1.4)
      actionpack (= 3.1.4)
      activerecord (= 3.1.4)
      activeresource (= 3.1.4)
      activesupport (= 3.1.4)
      bundler (~> 1.0)
      railties (= 3.1.4)
    rails-dev-tweaks (0.6.1)
      actionpack (~> 3.1)
      railties (~> 3.1)
    railties (3.1.4)
      actionpack (= 3.1.4)
      activesupport (= 3.1.4)
      rack-ssl (~> 1.3.2)
      rake (>= 0.8.7)
      rdoc (~> 3.4)
      thor (~> 0.14.6)
    rake (0.8.7)
    rake-remote_task (2.0.6)
      open4 (~> 1.0)
      rake (~> 0.8)
    rbx-require-relative (0.0.9)
    rdoc (3.12)
      json (~> 1.4)
    recaptcha (0.3.4)
    ruby-debug (0.10.4)
      columnize (>= 0.1)
      ruby-debug-base (~> 0.10.4.0)
    ruby-debug-base (0.10.4)
      linecache (>= 0.3)
    sass (3.1.15)
    sass-rails (3.1.6)
      actionpack (~> 3.1.0)
      railties (~> 3.1.0)
      sass (>= 3.1.10)
      tilt (~> 1.3.2)
    sprockets (2.0.3)
      hike (~> 1.2)
      rack (~> 1.0)
      tilt (~> 1.1, != 1.3.0)
    syntax (1.0.0)
    therubyracer (0.9.10)
      libv8 (~> 3.3.10)
    thor (0.14.6)
    tilt (1.3.3)
    treetop (1.4.10)
      polyglot
      polyglot (>= 0.3.1)
    tzinfo (0.3.33)
    uglifier (1.2.3)
      execjs (>= 0.3.0)
      multi_json (>= 1.0.2)
    vlad (2.2.5)
      rake (~> 0.8)
      rake-remote_task (~> 2.0)
    will_paginate (3.0.3)
    yard (0.7.5)

PLATFORMS
  ruby

DEPENDENCIES
  awesome_print
  cocaine
  coffee-rails (~> 3.1.1)
  dryml!
  execjs
  hobo!
  hobo_clean!
  hobo_clean_admin!
  hobo_data_tables!
  hobo_fields!
  hobo_jquery!
  hobo_jquery_ui!
  hobo_rapid!
  hobo_simple_color!
  hobo_support!
  hobo_tokeninput!
  hobo_tree_table!
  jquery-rails
  jquery-ui-themes
  maruku
  mysql
  paperclip!
  rails (= 3.1.4)
  rails-dev-tweaks
  rake (= 0.8.7)
  recaptcha
  ruby-debug
  sass-rails (~> 3.1.5)
  select_one_or_new_dialog!
  therubyracer
  uglifier (>= 1.0.3)
  vlad
  vlad-git!
  will_paginate (~> 3.0.0)
  yard
