GIT
  remote: git://github.com/Hobo/hobo.git
  revision: 399abadd67630a38ba9e2953a616990b4f997444
  specs:
    doc (0.0.1)
    dryml (2.0.0.pre8)
      actionpack (~> 3.2.0)
      hobo_support (= 2.0.0.pre8)
    hobo (2.0.0.pre8)
      dryml (= 2.0.0.pre8)
      hobo_fields (= 2.0.0.pre8)
      hobo_support (= 2.0.0.pre8)
      will_paginate (~> 3.0.0)
    hobo_clean (2.0.0.pre8)
      hobo (= 2.0.0.pre8)
      hobo_jquery (= 2.0.0.pre8)
    hobo_clean_admin (2.0.0.pre8)
      hobo_clean (= 2.0.0.pre8)
    hobo_clean_sidemenu (2.0.0.pre8)
      hobo_clean (= 2.0.0.pre8)
    hobo_fields (2.0.0.pre8)
      hobo_support (= 2.0.0.pre8)
    hobo_jquery (2.0.0.pre8)
      hobo_rapid (= 2.0.0.pre8)
      jquery-rails (~> 2.0)
    hobo_jquery_ui (2.0.0.pre8)
      hobo (= 2.0.0.pre8)
      hobo_jquery (= 2.0.0.pre8)
      jquery-ui-themes (~> 0.0.4)
    hobo_rapid (2.0.0.pre8)
      hobo (= 2.0.0.pre8)
    hobo_support (2.0.0.pre8)
      rails (~> 3.2.0)

GIT
  remote: git://github.com/Hobo/hobo_bootstrap.git
  revision: e00a8a3d0c1a73283ece4df8225dad1b50b5aef8
  specs:
    hobo_bootstrap (2.0.0.pre8)
      bootstrap-sass (~> 2.1)
      hobo (~> 2.0.0.pre6)
      hobo_jquery (~> 2.0.0.pre6)
      will_paginate-bootstrap (~> 0.2.1)

GIT
  remote: git://github.com/Hobo/hobo_bootstrap_ui.git
  revision: e73a58727b186f0bd674e1ff84470716862ad70c
  specs:
    hobo_bootstrap_ui (2.0.0.pre7)
      bootstrap-datepicker-rails
      hobo_bootstrap (~> 2.0.0.pre1)

GIT
  remote: git://github.com/Hobo/hobo_data_tables.git
  revision: 89a5a882b938c8cb775eb50e79ea6c3ab3d1dbaa
  specs:
    hobo_data_tables (0.0.1)
      hobo (> 1.4.0.pre5)
      jquery-datatables-rails

GIT
  remote: git://github.com/Hobo/hobo_mapstraction.git
  revision: 3df6c1c70ab593db0d04f1233bb3b1199bd60b68
  specs:
    hobo_mapstraction (0.0.1)
      hobo (> 1.4.0.pre6)

GIT
  remote: git://github.com/Hobo/hobo_omniauth.git
  revision: cb9d74aaa98e20dfaf08dee6dfd8963a9468e244
  specs:
    hobo_omniauth (0.0.1)
      hobo (~> 2.0.0.pre7)
      omniauth (~> 1.1)

GIT
  remote: git://github.com/Hobo/hobo_paperclip.git
  revision: 58e0daabdce95c1a8a0c06daf086a8ee0820842b
  specs:
    hobo_paperclip (0.0.4)
      hobo
      paperclip

GIT
  remote: git://github.com/Hobo/hobo_simple_color.git
  revision: 35dea062d760c39dbcff521f1377afbbed2f10b1
  specs:
    hobo_simple_color (0.0.2)
      hobo (> 1.4.0.pre4)

GIT
  remote: git://github.com/Hobo/hobo_tokeninput.git
  revision: 271317004e0a3c6fd6083405b30193e3fbbae0ba
  specs:
    hobo_tokeninput (0.0.1)
      hobo (> 1.4.0.pre5)

GIT
  remote: git://github.com/Hobo/hobo_tree_table.git
  revision: f3533062ae8f8051daeb82292d31735cdee7b697
  specs:
    hobo_tree_table (0.0.1)
      hobo (> 1.4.0.pre1)

GIT
  remote: git://github.com/Hobo/select_one_or_new_dialog.git
  revision: 238312c2d032e40c899215835c220fc338c0f472
  specs:
    select_one_or_new_dialog (0.0.1)
      hobo (> 1.4.0.pre1)
      hobo_jquery_ui (> 1.4.0.pre1)

GIT
  remote: git://github.com/Hobo/will_paginate.git
  revision: cc7ef01551b94fe4f607e38929037234dc70bb62
  specs:
    will_paginate (3.0.4.hobo)

GIT
  remote: git://github.com/bryanlarsen/vlad-git.git
  revision: 0fa91ca93089003779aa564b4cdef238f08385cf
  specs:
    vlad-git (2.2.0)
      vlad (>= 2.1.0)

GEM
  remote: http://rubygems.org/
  specs:
    actionmailer (3.2.11)
      actionpack (= 3.2.11)
      mail (~> 2.4.4)
    actionpack (3.2.11)
      activemodel (= 3.2.11)
      activesupport (= 3.2.11)
      builder (~> 3.0.0)
      erubis (~> 2.7.0)
      journey (~> 1.0.4)
      rack (~> 1.4.0)
      rack-cache (~> 1.2)
      rack-test (~> 0.6.1)
      sprockets (~> 2.2.1)
    activemodel (3.2.11)
      activesupport (= 3.2.11)
      builder (~> 3.0.0)
    activerecord (3.2.11)
      activemodel (= 3.2.11)
      activesupport (= 3.2.11)
      arel (~> 3.0.2)
      tzinfo (~> 0.3.29)
    activeresource (3.2.11)
      activemodel (= 3.2.11)
      activesupport (= 3.2.11)
    activesupport (3.2.11)
      i18n (~> 0.6)
      multi_json (~> 1.0)
    arel (3.0.2)
    awesome_print (1.1.0)
    bootstrap-datepicker-rails (0.6.36)
      railties (>= 3.0)
    bootstrap-sass (2.2.2.0)
      sass (~> 3.2)
    bootswatch-rails (0.2.0)
      railties (>= 3.1)
    builder (3.0.4)
    cocaine (0.4.2)
    coffee-rails (3.2.2)
      coffee-script (>= 2.2.0)
      railties (~> 3.2.0)
    coffee-script (2.2.0)
      coffee-script-source
      execjs
    coffee-script-source (1.4.0)
    erubis (2.7.0)
    execjs (1.4.0)
      multi_json (~> 1.0)
    faraday (0.8.4)
      multipart-post (~> 1.1)
    hashie (1.2.0)
    hike (1.2.1)
    httparty (0.10.0)
      multi_json (~> 1.0)
      multi_xml
    httpauth (0.2.0)
    i18n (0.6.1)
    journey (1.0.4)
    jquery-datatables-rails (1.11.2)
      jquery-rails
    jquery-rails (2.1.4)
      railties (>= 3.0, < 5.0)
      thor (>= 0.14, < 2.0)
    jquery-ui-themes (0.0.8)
      httparty
    json (1.7.6)
    jwt (0.1.5)
      multi_json (>= 1.0)
    libv8 (3.3.10.4)
    mail (2.4.4)
      i18n (>= 0.4.0)
      mime-types (~> 1.16)
      treetop (~> 1.4.8)
    maruku (0.6.1)
      syntax (>= 1.0.0)
    mime-types (1.19)
    multi_json (1.5.0)
    multi_xml (0.5.2)
    multipart-post (1.1.5)
    mysql2 (0.3.11)
    nokogiri (1.5.6)
    oauth2 (0.8.0)
      faraday (~> 0.8)
      httpauth (~> 0.1)
      jwt (~> 0.1.4)
      multi_json (~> 1.0)
      rack (~> 1.2)
    omniauth (1.1.1)
      hashie (~> 1.2)
      rack
    omniauth-github (1.0.3)
      omniauth (~> 1.0)
      omniauth-oauth2 (~> 1.1)
    omniauth-oauth2 (1.1.1)
      oauth2 (~> 0.8.0)
      omniauth (~> 1.0)
    open4 (1.3.0)
    paperclip (2.8.0)
      activerecord (>= 2.3.0)
      activesupport (>= 2.3.2)
      cocaine (>= 0.0.2)
      mime-types
    polyglot (0.3.3)
    quiet_assets (1.0.1)
      railties (~> 3.1)
    rack (1.4.4)
    rack-cache (1.2)
      rack (>= 0.4)
    rack-ssl (1.3.2)
      rack
    rack-test (0.6.2)
      rack (>= 1.0)
    rails (3.2.11)
      actionmailer (= 3.2.11)
      actionpack (= 3.2.11)
      activerecord (= 3.2.11)
      activeresource (= 3.2.11)
      activesupport (= 3.2.11)
      bundler (~> 1.0)
      railties (= 3.2.11)
    railties (3.2.11)
      actionpack (= 3.2.11)
      activesupport (= 3.2.11)
      rack-ssl (~> 1.3.2)
      rake (>= 0.8.7)
      rdoc (~> 3.4)
      thor (>= 0.14.6, < 2.0)
    rake (10.0.3)
    rake-remote_task (2.1.0)
      open4 (~> 1.0)
      rake (>= 0.8, < 11.0)
    rdoc (3.12)
      json (~> 1.4)
    sass (3.2.5)
    sass-rails (3.2.5)
      railties (~> 3.2.0)
      sass (>= 3.1.10)
      tilt (~> 1.3)
    sprockets (2.2.2)
      hike (~> 1.2)
      multi_json (~> 1.0)
      rack (~> 1.0)
      tilt (~> 1.1, != 1.3.0)
    syntax (1.0.0)
    therubyracer (0.10.2)
      libv8 (~> 3.3.10)
    thor (0.16.0)
    tilt (1.3.3)
    treetop (1.4.12)
      polyglot
      polyglot (>= 0.3.1)
    tzinfo (0.3.35)
    uglifier (1.3.0)
      execjs (>= 0.3.0)
      multi_json (~> 1.0, >= 1.0.2)
    vlad (2.3.1)
      rake (>= 0.8, < 11.0)
      rake-remote_task (~> 2.1)
    will_paginate-bootstrap (0.2.2)
      will_paginate (>= 3.0.3)
    yard (0.8.3)

PLATFORMS
  ruby

DEPENDENCIES
  awesome_print
  bootstrap-sass
  bootswatch-rails
  cocaine
  coffee-rails (~> 3.2.1)
  doc!
  dryml!
  execjs
  hobo!
  hobo_bootstrap!
  hobo_bootstrap_ui!
  hobo_clean!
  hobo_clean_admin!
  hobo_clean_sidemenu!
  hobo_data_tables!
  hobo_fields!
  hobo_jquery!
  hobo_jquery_ui!
  hobo_mapstraction!
  hobo_omniauth!
  hobo_paperclip!
  hobo_rapid!
  hobo_simple_color!
  hobo_support!
  hobo_tokeninput!
  hobo_tree_table!
  jquery-rails
  jquery-ui-themes
  maruku
  mysql2
  nokogiri
  omniauth-github
  paperclip (~> 2.7)
  quiet_assets
  rails (= 3.2.11)
  sass-rails (~> 3.2.3)
  select_one_or_new_dialog!
  therubyracer (~> 0.10.2)
  uglifier (>= 1.0.3)
  vlad
  vlad-git!
  will_paginate!
  yard
