GIT
  remote: git://github.com/Hobo/hobo_data_tables.git
  revision: 8d7cfcd65de13adcf9c463373fb08ecb9beded24
  specs:
    hobo_data_tables (0.0.1)
      hobo (~> 1.4.0.pre5)
      jquery-datatables-rails

GIT
  remote: git://github.com/Hobo/hobo_mapstraction.git
  revision: dee01a208eae5725179966ba7e3d5f0354b60ed3
  specs:
    hobo_mapstraction (0.0.1)
      hobo (~> 1.4.0.pre7)

GIT
  remote: git://github.com/Hobo/hobo_simple_color.git
  revision: fafd51156b0445aa9cbdb81c235a23a64875ca4c
  specs:
    hobo_simple_color (0.0.2)
      hobo (~> 1.4.0.pre4)

GIT
  remote: git://github.com/Hobo/hobo_tokeninput.git
  revision: fca558f8a9bb5e05554ebffbe3bb760f243dc210
  specs:
    hobo_tokeninput (0.0.1)
      hobo (~> 1.4.0.pre4)

GIT
  remote: git://github.com/Hobo/hobo_tree_table.git
  revision: 9aa2c6acd295dd9172c1081b1d00220d2e8e937a
  specs:
    hobo_tree_table (0.0.1)
      hobo (~> 1.4.0.pre1)

GIT
  remote: git://github.com/Hobo/select_one_or_new_dialog.git
  revision: 512a164192cb9db9b05ca28709806a61e9a43d44
  specs:
    select_one_or_new_dialog (0.0.1)
      hobo (~> 1.4.0.pre1)
      hobo_jquery_ui (~> 1.4.0.pre1)

GIT
  remote: git://github.com/bryanlarsen/vlad-git.git
  revision: 0fa91ca93089003779aa564b4cdef238f08385cf
  specs:
    vlad-git (2.2.0)
      vlad (>= 2.1.0)

GIT
  remote: git://github.com/bryanlarsen/will_paginate.git
  revision: 3096f88403096f7207c4c3ede0a8bb7c344bb78a
  specs:
    will_paginate (3.0.3)

GIT
  remote: git://github.com/suyccom/hobo_bootstrap.git
  revision: 2405601ca244fe6621a0e639ce801bacc71df232
  specs:
    hobo_bootstrap (1.4.0.pre9)
      hobo (~> 1.4.0.pre9)
      will_paginate-bootstrap (~> 0.2.1)

GIT
  remote: git://github.com/tablatom/hobo.git
  revision: f62057c2799981103cb1877f2e24373d88c1b6f8
  specs:
    dryml (1.4.0.pre9)
      actionpack (~> 3.2.0)
      hobo_support (= 1.4.0.pre9)
    hobo (1.4.0.pre9)
      dryml (= 1.4.0.pre9)
      hobo_fields (= 1.4.0.pre9)
      hobo_support (= 1.4.0.pre9)
      will_paginate (~> 3.0.0)
    hobo_clean (1.4.0.pre9)
      hobo (= 1.4.0.pre9)
    hobo_clean_admin (1.4.0.pre9)
      rails (~> 3.2.0)
    hobo_clean_sidemenu (1.4.0.pre9)
      rails (~> 3.2.0)
    hobo_fields (1.4.0.pre9)
      hobo_support (= 1.4.0.pre9)
    hobo_jquery (1.4.0.pre9)
      hobo (= 1.4.0.pre9)
      jquery-rails (~> 2.0)
    hobo_jquery_ui (1.4.0.pre9)
      hobo (= 1.4.0.pre9)
      hobo_jquery (= 1.4.0.pre9)
      jquery-ui-themes (~> 0.0.4)
    hobo_rapid (1.4.0.pre9)
      hobo (= 1.4.0.pre9)
    hobo_support (1.4.0.pre9)
      rails (~> 3.2.0)

GEM
  remote: http://rubygems.org/
  specs:
    actionmailer (3.2.8)
      actionpack (= 3.2.8)
      mail (~> 2.4.4)
    actionpack (3.2.8)
      activemodel (= 3.2.8)
      activesupport (= 3.2.8)
      builder (~> 3.0.0)
      erubis (~> 2.7.0)
      journey (~> 1.0.4)
      rack (~> 1.4.0)
      rack-cache (~> 1.2)
      rack-test (~> 0.6.1)
      sprockets (~> 2.1.3)
    activemodel (3.2.8)
      activesupport (= 3.2.8)
      builder (~> 3.0.0)
    activerecord (3.2.8)
      activemodel (= 3.2.8)
      activesupport (= 3.2.8)
      arel (~> 3.0.2)
      tzinfo (~> 0.3.29)
    activeresource (3.2.8)
      activemodel (= 3.2.8)
      activesupport (= 3.2.8)
    activesupport (3.2.8)
      i18n (~> 0.6)
      multi_json (~> 1.0)
    arel (3.0.2)
    awesome_print (1.0.2)
    builder (3.0.2)
    cocaine (0.3.0)
    coffee-rails (3.2.2)
      coffee-script (>= 2.2.0)
      railties (~> 3.2.0)
    coffee-script (2.2.0)
      coffee-script-source
      execjs
    coffee-script-source (1.3.3)
    columnize (0.3.6)
    erubis (2.7.0)
    execjs (1.4.0)
      multi_json (~> 1.0)
    hike (1.2.1)
    httparty (0.8.3)
      multi_json (~> 1.0)
      multi_xml
    i18n (0.6.1)
    journey (1.0.4)
    jquery-datatables-rails (1.11.0)
      jquery-rails
    jquery-rails (2.1.2)
      railties (>= 3.1.0, < 5.0)
      thor (~> 0.14)
    jquery-ui-themes (0.0.7)
      httparty
    json (1.7.5)
    libv8 (3.3.10.4)
    linecache (0.46)
      rbx-require-relative (> 0.0.4)
    mail (2.4.4)
      i18n (>= 0.4.0)
      mime-types (~> 1.16)
      treetop (~> 1.4.8)
    maruku (0.6.0)
      syntax (>= 1.0.0)
    mime-types (1.19)
    multi_json (1.3.6)
    multi_xml (0.5.1)
    mysql (2.8.1)
    open4 (1.3.0)
    paperclip (2.7.0)
      activerecord (>= 2.3.0)
      activesupport (>= 2.3.2)
      cocaine (>= 0.0.2)
      mime-types
    polyglot (0.3.3)
    rack (1.4.1)
    rack-cache (1.2)
      rack (>= 0.4)
    rack-ssl (1.3.2)
      rack
    rack-test (0.6.1)
      rack (>= 1.0)
    rails (3.2.8)
      actionmailer (= 3.2.8)
      actionpack (= 3.2.8)
      activerecord (= 3.2.8)
      activeresource (= 3.2.8)
      activesupport (= 3.2.8)
      bundler (~> 1.0)
      railties (= 3.2.8)
    rails-dev-tweaks (0.6.1)
      actionpack (~> 3.1)
      railties (~> 3.1)
    railties (3.2.8)
      actionpack (= 3.2.8)
      activesupport (= 3.2.8)
      rack-ssl (~> 1.3.2)
      rake (>= 0.8.7)
      rdoc (~> 3.4)
      thor (>= 0.14.6, < 2.0)
    rake (0.9.2.2)
    rake-remote_task (2.0.6)
      open4 (~> 1.0)
      rake (~> 0.8)
    rbx-require-relative (0.0.9)
    rdoc (3.12)
      json (~> 1.4)
    recaptcha (0.3.4)
    ruby-debug (0.10.4)
      columnize (>= 0.1)
      ruby-debug-base (~> 0.10.4.0)
    ruby-debug-base (0.10.4)
      linecache (>= 0.3)
    sass (3.2.1)
    sass-rails (3.2.5)
      railties (~> 3.2.0)
      sass (>= 3.1.10)
      tilt (~> 1.3)
    sprockets (2.1.3)
      hike (~> 1.2)
      rack (~> 1.0)
      tilt (~> 1.1, != 1.3.0)
    syntax (1.0.0)
    therubyracer (0.10.2)
      libv8 (~> 3.3.10)
    thor (0.16.0)
    tilt (1.3.3)
    treetop (1.4.10)
      polyglot
      polyglot (>= 0.3.1)
    tzinfo (0.3.33)
    uglifier (1.3.0)
      execjs (>= 0.3.0)
      multi_json (~> 1.0, >= 1.0.2)
    vlad (2.2.5)
      rake (~> 0.8)
      rake-remote_task (~> 2.0)
    will_paginate-bootstrap (0.2.1)
      will_paginate (>= 3.0.3)
    yard (0.8.2.1)

PLATFORMS
  ruby

DEPENDENCIES
  awesome_print
  cocaine
  coffee-rails (~> 3.2.1)
  dryml!
  execjs
  hobo!
  hobo_bootstrap!
  hobo_clean!
  hobo_clean_admin!
  hobo_clean_sidemenu!
  hobo_data_tables!
  hobo_fields!
  hobo_jquery!
  hobo_jquery_ui!
  hobo_mapstraction!
  hobo_rapid!
  hobo_simple_color!
  hobo_support!
  hobo_tokeninput!
  hobo_tree_table!
  jquery-rails
  jquery-ui-themes
  maruku
  mysql
  paperclip (~> 2.7)
  rails (= 3.2.8)
  rails-dev-tweaks
  recaptcha
  ruby-debug
  sass-rails (~> 3.2.3)
  select_one_or_new_dialog!
  therubyracer
  uglifier (>= 1.0.3)
  vlad
  vlad-git!
  will_paginate!
  yard
